GEM
  specs:

PLATFORMS
  ruby

DEPENDENCIES

RUBY VERSION
   ruby 2.6.4p104

BUNDLED WITH
   1.17.2
